GEM
  remote: https://rubygems.org/
  specs:
    builder (3.2.2)
    dotenv (2.0.1)
    jwt (1.5.2)
    multi_json (1.11.2)
    rack (1.6.4)
    rack-protection (1.5.3)
      rack
    shotgun (0.9.1)
      rack (>= 1.0)
    sinatra (1.4.6)
      rack (~> 1.4)
      rack-protection (~> 1.4)
      tilt (>= 1.3, < 3)
    tilt (2.0.2)
    twilio-ruby (4.2.1)
      builder (>= 2.1.2)
      jwt (~> 1.0)
      multi_json (>= 1.3.0)

PLATFORMS
  ruby

DEPENDENCIES
  dotenv
  shotgun
  sinatra
  twilio-ruby (~> 4.2.1)

BUNDLED WITH
   1.10.6
